PATH
  remote: .
  specs:
    eycloud-recipe-delayed_job (1.0.1)

GEM
  remote: https://rubygems.org/
  specs:
    rake (0.9.2.2)

PLATFORMS
  ruby

DEPENDENCIES
  eycloud-recipe-delayed_job!
  rake
